GEM
  remote: http://rubygems.org/
  specs:
    constructor (2.0.0)
    diff-lcs (1.2.5)
    diy (1.1.2)
      constructor (>= 1.0.0)
    hardmock (1.3.8)
    rake (10.1.1)
    require_all (1.3.2)
    rr (1.1.2)
    rspec (2.14.1)
      rspec-core (~> 2.14.0)
      rspec-expectations (~> 2.14.0)
      rspec-mocks (~> 2.14.0)
    rspec-core (2.14.7)
    rspec-expectations (2.14.5)
      diff-lcs (>= 1.1.3, < 2.0)
    rspec-mocks (2.14.6)

PLATFORMS
  ruby

DEPENDENCIES
  bundler (~> 1.1.rc.7)
  constructor
  diy
  hardmock (= 1.3.8)
  rake (>= 0.9.2.2)
  require_all
  rr
  rspec
